GIT
  remote: https://github.com/mongoid/moped.git
  revision: f13d364e8dd6823224031ec23fb01feb54e12222
  specs:
    moped (1.0.0.rc)

GEM
  remote: https://rubygems.org/
  specs:
    actionmailer (3.2.3)
      actionpack (= 3.2.3)
      mail (~> 2.4.4)
    actionpack (3.2.3)
      activemodel (= 3.2.3)
      activesupport (= 3.2.3)
      builder (~> 3.0.0)
      erubis (~> 2.7.0)
      journey (~> 1.0.1)
      rack (~> 1.4.0)
      rack-cache (~> 1.2)
      rack-test (~> 0.6.1)
      sprockets (~> 2.1.2)
    activemodel (3.2.3)
      activesupport (= 3.2.3)
      builder (~> 3.0.0)
    activerecord (3.2.3)
      activemodel (= 3.2.3)
      activesupport (= 3.2.3)
      arel (~> 3.0.2)
      tzinfo (~> 0.3.29)
    activeresource (3.2.3)
      activemodel (= 3.2.3)
      activesupport (= 3.2.3)
    activesupport (3.2.3)
      i18n (~> 0.6)
      multi_json (~> 1.0)
    arel (3.0.2)
    bbenezech-nested_form (0.0.6)
    bcrypt-ruby (3.0.1)
    bootstrap-sass (2.0.3.1)
    bson (1.6.4)
    bson_ext (1.6.4)
      bson (~> 1.6.4)
    builder (3.0.0)
    coffee-rails (3.2.2)
      coffee-script (>= 2.2.0)
      railties (~> 3.2.0)
    coffee-script (2.2.0)
      coffee-script-source
      execjs
    coffee-script-source (1.3.3)
    commonjs (0.2.6)
    devise (2.1.2)
      bcrypt-ruby (~> 3.0)
      orm_adapter (~> 0.1)
      railties (~> 3.1)
      warden (~> 1.2.1)
    diff-lcs (1.1.3)
    erubis (2.7.0)
    execjs (1.4.0)
      multi_json (~> 1.0)
    haml (3.1.6)
    haml-rails (0.3.4)
      actionpack (~> 3.0)
      activesupport (~> 3.0)
      haml (~> 3.0)
      railties (~> 3.0)
    hike (1.2.1)
    hpricot (0.8.6)
    i18n (0.6.0)
    journey (1.0.4)
    jquery-rails (2.0.2)
      railties (>= 3.2.0, < 5.0)
      thor (~> 0.14)
    jquery-ui-rails (0.2.2)
      jquery-rails
      railties (>= 3.1.0)
    json (1.7.3)
    kaminari (0.13.0)
      actionpack (>= 3.0.0)
      activesupport (>= 3.0.0)
      railties (>= 3.0.0)
    less (2.2.1)
      commonjs (~> 0.2.6)
    less-rails (2.2.3)
      actionpack (>= 3.1)
      less (~> 2.2.0)
    libv8 (3.3.10.4)
    mail (2.4.4)
      i18n (>= 0.4.0)
      mime-types (~> 1.16)
      treetop (~> 1.4.8)
    mime-types (1.19)
    mongoid (3.0.0.rc)
      activemodel (~> 3.1)
      moped (~> 1.0.0.rc)
      origin (~> 1.0.0.rc)
      tzinfo (~> 0.3.22)
    multi_json (1.3.6)
    origin (1.0.1)
    orm_adapter (0.3.0)
    polyglot (0.3.3)
    rack (1.4.1)
    rack-cache (1.2)
      rack (>= 0.4)
    rack-pjax (0.5.9)
      hpricot (~> 0.8.6)
      rack (~> 1.3)
    rack-ssl (1.3.2)
      rack
    rack-test (0.6.1)
      rack (>= 1.0)
    rails (3.2.3)
      actionmailer (= 3.2.3)
      actionpack (= 3.2.3)
      activerecord (= 3.2.3)
      activeresource (= 3.2.3)
      activesupport (= 3.2.3)
      bundler (~> 1.0)
      railties (= 3.2.3)
    rails_admin (0.0.4)
      bbenezech-nested_form (~> 0.0.6)
      bootstrap-sass (~> 2.0, >= 2.0.3)
      builder (~> 3.0)
      coffee-rails (~> 3.1)
      haml (~> 3.1)
      jquery-rails (>= 1.0.17)
      jquery-ui-rails (~> 0.2.2)
      kaminari (~> 0.12)
      rack-pjax (~> 0.5)
      rails (~> 3.1)
      remotipart (~> 1.0)
      sass-rails (~> 3.1)
    railties (3.2.3)
      actionpack (= 3.2.3)
      activesupport (= 3.2.3)
      rack-ssl (~> 1.3.2)
      rake (>= 0.8.7)
      rdoc (~> 3.4)
      thor (~> 0.14.6)
    rake (0.9.2.2)
    rdoc (3.12)
      json (~> 1.4)
    remotipart (1.0.2)
    rspec (2.10.0)
      rspec-core (~> 2.10.0)
      rspec-expectations (~> 2.10.0)
      rspec-mocks (~> 2.10.0)
    rspec-core (2.10.1)
    rspec-expectations (2.10.0)
      diff-lcs (~> 1.1.3)
    rspec-mocks (2.10.1)
    rspec-rails (2.10.1)
      actionpack (>= 3.0)
      activesupport (>= 3.0)
      railties (>= 3.0)
      rspec (~> 2.10.0)
    sass (3.1.19)
    sass-rails (3.2.5)
      railties (~> 3.2.0)
      sass (>= 3.1.10)
      tilt (~> 1.3)
    sprockets (2.1.3)
      hike (~> 1.2)
      rack (~> 1.0)
      tilt (~> 1.1, != 1.3.0)
    therubyracer (0.10.1)
      libv8 (~> 3.3.10)
    thor (0.14.6)
    tilt (1.3.3)
    treetop (1.4.10)
      polyglot
      polyglot (>= 0.3.1)
    twitter-bootstrap-rails (2.1.0)
      actionpack (>= 3.1)
      less-rails (~> 2.2.2)
      railties (>= 3.1)
      therubyracer (~> 0.10.1)
    tzinfo (0.3.33)
    uglifier (1.2.5)
      execjs (>= 0.3.0)
      multi_json (~> 1.3)
    warden (1.2.1)
      rack (>= 1.0)
    wicked_pdf (0.7.9)

PLATFORMS
  ruby

DEPENDENCIES
  bson_ext
  coffee-rails (~> 3.2.1)
  devise
  haml (>= 3.0.0)
  haml-rails
  jquery-rails
  mongoid (~> 3.0.0.rc)
  moped!
  rails (= 3.2.3)
  rails_admin
  rspec-rails (>= 2.0.1)
  sass-rails (~> 3.2.3)
  therubyracer
  twitter-bootstrap-rails
  uglifier (>= 1.0.3)
  wicked_pdf
